GIT
  remote: https://github.com/intridea/oauth2.git
  revision: dfc0dba0d0b0703b4e30c0aaf00f89216c46de5d
  specs:
    oauth2 (0.4.1)
      faraday (>= 0.6.1, < 0.8)
      multi_json (~> 1.0.0)

GEM
  remote: http://rubygems.org/
  specs:
    addressable (2.2.6)
    faraday (0.7.0)
      addressable (~> 2.2.4)
      multipart-post (~> 1.1.0)
      rack (>= 1.1.0, < 2)
    multi_json (1.0.3)
    multipart-post (1.1.2)
    rack (1.3.0)
    shotgun (0.9)
      rack (>= 1.0)
    sinatra (1.2.6)
      rack (~> 1.1)
      tilt (>= 1.2.2, < 2.0)
    tilt (1.3.2)

PLATFORMS
  ruby

DEPENDENCIES
  oauth2!
  shotgun
  sinatra
